PATH
  remote: .
  specs:
    sys_gvl (0.1.0)

GEM
  remote: https://rubygems.org/
  specs:
    minitest (5.25.1)
    rake (13.2.1)
    rake-compiler (1.2.8)
      rake
    rb_sys (0.9.102)

PLATFORMS
  ruby
  x86_64-linux

DEPENDENCIES
  minitest (~> 5.16)
  rake (~> 13.0)
  rake-compiler
  rb_sys (~> 0.9.63)
  sys_gvl!

BUNDLED WITH
   2.5.19
